GEM
  remote: http://rubygems.org/
  specs:
    addressable (2.3.5)
    capybara (2.1.0)
      mime-types (>= 1.16)
      nokogiri (>= 1.3.3)
      rack (>= 1.0.0)
      rack-test (>= 0.5.4)
      xpath (~> 2.0)
    childprocess (0.3.9)
      ffi (~> 1.0, >= 1.0.11)
    coderay (1.0.9)
    double-bag-ftps (0.1.1)
    ffi (1.9.0)
    launchy (2.3.0)
      addressable (~> 2.3)
    method_source (0.8.2)
    mime-types (1.24)
    mini_portile (0.5.1)
    multi_json (1.7.9)
    nokogiri (1.6.0)
      mini_portile (~> 0.5.0)
    pry (0.9.12.2)
      coderay (~> 1.0.5)
      method_source (~> 0.8)
      slop (~> 3.4)
    rack (1.5.2)
    rack-test (0.6.2)
      rack (>= 1.0)
    rubyzip (0.9.9)
    selenium-webdriver (2.35.0)
      childprocess (>= 0.2.5)
      multi_json (~> 1.0)
      rubyzip
      websocket (~> 1.0.4)
    slop (3.4.6)
    websocket (1.0.7)
    xpath (2.0.0)
      nokogiri (~> 1.3)

PLATFORMS
  ruby

DEPENDENCIES
  capybara
  double-bag-ftps
  launchy
  nokogiri
  pry
  selenium-webdriver
